GEM
  remote: https://rubygems.org/
  specs:
    activesupport (6.1.7.3)
      concurrent-ruby (~> 1.0, >= 1.0.2)
      i18n (>= 1.6, < 2)
      minitest (>= 5.1)
      tzinfo (~> 2.0)
      zeitwerk (~> 2.3)
    colored (1.2)
    concurrent-ruby (1.2.2)
    descriptive_statistics (2.5.1)
    fiedl-log (0.3.0)
      colored
    i18n (1.12.0)
      concurrent-ruby (~> 1.0)
    minitest (5.18.0)
    pawgen (1.0.1)
    tzinfo (2.0.6)
      concurrent-ruby (~> 1.0)
    zeitwerk (2.6.7)

PLATFORMS
  ruby

DEPENDENCIES
  activesupport!
  colored!
  descriptive_statistics!
  fiedl-log!
  pawgen!

BUNDLED WITH
   1.16.1
