GEM
  remote: https://rubygems.org/
  specs:
    activesupport (5.2.4.3)
      concurrent-ruby (~> 1.0, >= 1.0.2)
      i18n (>= 0.7, < 2)
      minitest (~> 5.1)
      tzinfo (~> 1.1)
    colored (1.2)
    concurrent-ruby (1.1.6)
    descriptive_statistics (2.5.1)
    fiedl-log (0.3.0)
      colored
    i18n (1.8.2)
      concurrent-ruby (~> 1.0)
    minitest (5.14.1)
    pawgen (1.0.1)
    thread_safe (0.3.6)
    tzinfo (1.2.7)
      thread_safe (~> 0.1)

PLATFORMS
  ruby

DEPENDENCIES
  activesupport!
  colored!
  descriptive_statistics!
  fiedl-log!
  pawgen!

BUNDLED WITH
   1.15.4
